GEM
  remote: http://rubygems.org/
  specs:
    guard (0.8.8)
      thor (~> 0.14.6)
    guard-shell (0.1.1)
      guard (>= 0.2.0)
    haml (3.1.4)
    mash (0.1.1)
    pdfkit (0.5.2)
    rake (0.9.2.2)
    rb-fsevent (0.4.3.1)
    redcarpet (1.17.2)
    sass (3.1.11)
    thor (0.14.6)
    wkhtmltopdf-binary (0.9.5.3)

PLATFORMS
  ruby

DEPENDENCIES
  guard-shell
  haml
  mash
  pdfkit
  rake
  rb-fsevent
  redcarpet
  sass
  wkhtmltopdf-binary
