GEM
  remote: https://rubygems.org/
  specs:
    coderay (1.0.9)
    guard (1.6.2)
      listen (>= 0.6.0)
      lumberjack (>= 1.0.2)
      pry (>= 0.9.10)
      terminal-table (>= 1.4.3)
      thor (>= 0.14.6)
    guard-shell (0.5.1)
      guard (>= 1.1.0)
    haml (4.0.0)
      tilt
    listen (0.7.3)
    lumberjack (1.0.2)
    mash (0.1.1)
    method_source (0.8.1)
    pry (0.9.12)
      coderay (~> 1.0.5)
      method_source (~> 0.8)
      slop (~> 3.4)
    rake (10.0.3)
    rb-fsevent (0.9.3)
    redcarpet (2.2.2)
    sass (3.2.6)
    slop (3.4.3)
    terminal-table (1.4.5)
    thor (0.17.0)
    tilt (1.3.4)

PLATFORMS
  ruby

DEPENDENCIES
  guard-shell
  haml
  mash
  rake
  rb-fsevent
  redcarpet
  sass
